PATH
  remote: .
  specs:
    arduino_firmata (0.2.6)
      args_parser (>= 0.1.2)
      event_emitter (>= 0.2.2)
      serialport (>= 1.1.0)

GEM
  remote: https://rubygems.org/
  specs:
    args_parser (0.1.4)
    backports (3.1.1)
    event_emitter (0.2.3)
    minitest (4.6.2)
    serialport (1.1.0)

PLATFORMS
  ruby

DEPENDENCIES
  arduino_firmata!
  backports
  minitest
