PATH
  remote: .
  specs:
    arduino_firmata (0.1.6)
      args_parser (>= 0.1.2)
      serialport (>= 1.1.0)

GEM
  remote: https://rubygems.org/
  specs:
    args_parser (0.1.2)
    minitest (4.1.0)
    serialport (1.1.0)

PLATFORMS
  ruby

DEPENDENCIES
  arduino_firmata!
  args_parser
  minitest
  serialport
