PATH
  remote: .
  specs:
    arduino_firmata (0.1.8)
      args_parser (>= 0.1.2)
      serialport (>= 1.1.0)

GEM
  remote: https://rubygems.org/
  specs:
    args_parser (0.1.3)
    minitest (4.4.0)
    serialport (1.1.0)

PLATFORMS
  ruby

DEPENDENCIES
  arduino_firmata!
  minitest
