PATH
  remote: .
  specs:
    arduino_firmata (0.3.2)
      args_parser (>= 0.1.4)
      event_emitter (>= 0.2.4)
      serialport (>= 1.1.0)

GEM
  remote: https://rubygems.org/
  specs:
    args_parser (0.2.0)
    backports (3.3.2)
    event_emitter (0.2.5)
    minitest (5.0.6)
    rake (10.1.0)
    serialport (1.1.0)

PLATFORMS
  ruby

DEPENDENCIES
  arduino_firmata!
  backports
  bundler (~> 1.3)
  minitest
  rake
